GIT
  remote: https://github.com/rails/web-console.git
  revision: 5345813cce3219b073a6f7310f2dcb6c6aedb334
  specs:
    web-console (4.1.0)
      actionview (>= 6.0.0)
      activemodel (>= 6.0.0)
      bindex (>= 0.4.0)
      railties (>= 6.0.0)

GIT
  remote: https://github.com/rails/webpacker.git
  revision: f40fa08ea6bf2cf49e1ff1417690f38b491c47be
  specs:
    webpacker (6.0.0.beta.4)
      activesupport (>= 5.2)
      rack-proxy (>= 0.6.1)
      railties (>= 5.2)
      semantic_range (>= 2.3.0)

PATH
  remote: vendor/rails
  specs:
    actioncable (6.2.0.alpha)
      actionpack (= 6.2.0.alpha)
      activesupport (= 6.2.0.alpha)
      nio4r (~> 2.0)
      websocket-driver (>= 0.6.1)
    actionmailbox (6.2.0.alpha)
      actionpack (= 6.2.0.alpha)
      activejob (= 6.2.0.alpha)
      activerecord (= 6.2.0.alpha)
      activestorage (= 6.2.0.alpha)
      activesupport (= 6.2.0.alpha)
      mail (>= 2.7.1)
    actionmailer (6.2.0.alpha)
      actionpack (= 6.2.0.alpha)
      actionview (= 6.2.0.alpha)
      activejob (= 6.2.0.alpha)
      activesupport (= 6.2.0.alpha)
      mail (~> 2.5, >= 2.5.4)
      rails-dom-testing (~> 2.0)
    actionpack (6.2.0.alpha)
      actionview (= 6.2.0.alpha)
      activesupport (= 6.2.0.alpha)
      rack (~> 2.0, >= 2.0.9)
      rack-test (>= 0.6.3)
      rails-dom-testing (~> 2.0)
      rails-html-sanitizer (~> 1.0, >= 1.2.0)
    actiontext (6.2.0.alpha)
      actionpack (= 6.2.0.alpha)
      activerecord (= 6.2.0.alpha)
      activestorage (= 6.2.0.alpha)
      activesupport (= 6.2.0.alpha)
      nokogiri (>= 1.8.5)
    actionview (6.2.0.alpha)
      activesupport (= 6.2.0.alpha)
      builder (~> 3.1)
      erubi (~> 1.4)
      rails-dom-testing (~> 2.0)
      rails-html-sanitizer (~> 1.1, >= 1.2.0)
    activejob (6.2.0.alpha)
      activesupport (= 6.2.0.alpha)
      globalid (>= 0.3.6)
    activemodel (6.2.0.alpha)
      activesupport (= 6.2.0.alpha)
    activerecord (6.2.0.alpha)
      activemodel (= 6.2.0.alpha)
      activesupport (= 6.2.0.alpha)
    activestorage (6.2.0.alpha)
      actionpack (= 6.2.0.alpha)
      activejob (= 6.2.0.alpha)
      activerecord (= 6.2.0.alpha)
      activesupport (= 6.2.0.alpha)
      marcel (~> 0.3.1)
      mimemagic (~> 0.3.2)
    activesupport (6.2.0.alpha)
      concurrent-ruby (~> 1.0, >= 1.0.2)
      i18n (>= 1.6, < 2)
      minitest (>= 5.1)
      tzinfo (~> 2.0)
      zeitwerk (~> 2.3)
    rails (6.2.0.alpha)
      actioncable (= 6.2.0.alpha)
      actionmailbox (= 6.2.0.alpha)
      actionmailer (= 6.2.0.alpha)
      actionpack (= 6.2.0.alpha)
      actiontext (= 6.2.0.alpha)
      actionview (= 6.2.0.alpha)
      activejob (= 6.2.0.alpha)
      activemodel (= 6.2.0.alpha)
      activerecord (= 6.2.0.alpha)
      activestorage (= 6.2.0.alpha)
      activesupport (= 6.2.0.alpha)
      bundler (>= 1.15.0)
      railties (= 6.2.0.alpha)
      sprockets-rails (>= 2.0.0)
    railties (6.2.0.alpha)
      actionpack (= 6.2.0.alpha)
      activesupport (= 6.2.0.alpha)
      method_source
      rake (>= 0.8.7)
      thor (~> 1.0)

GEM
  remote: https://rubygems.org/
  specs:
    addressable (2.7.0)
      public_suffix (>= 2.0.2, < 5.0)
    annotate (3.1.1)
      activerecord (>= 3.2, < 7.0)
      rake (>= 10.4, < 14.0)
    awesome_print (2.0.0.pre2)
    bindex (0.8.1)
    bootsnap (1.6.0)
      msgpack (~> 1.0)
    builder (3.2.4)
    byebug (11.1.3)
    capybara (3.35.3)
      addressable
      mini_mime (>= 0.1.3)
      nokogiri (~> 1.8)
      rack (>= 1.6.0)
      rack-test (>= 0.6.3)
      regexp_parser (>= 1.5, < 3.0)
      xpath (~> 3.2)
    childprocess (3.0.0)
    coderay (1.1.3)
    concurrent-ruby (1.1.8)
    connection_pool (2.2.3)
    crass (1.0.6)
    erubi (1.10.0)
    faker (2.15.1)
      i18n (>= 1.6, < 2)
    ffi (1.14.2)
    globalid (0.4.2)
      activesupport (>= 4.2.0)
    i18n (1.8.7)
      concurrent-ruby (~> 1.0)
    jbuilder (2.11.2)
      activesupport (>= 5.0.0)
    listen (3.4.1)
      rb-fsevent (~> 0.10, >= 0.10.3)
      rb-inotify (~> 0.9, >= 0.9.10)
    loofah (2.9.0)
      crass (~> 1.0.2)
      nokogiri (>= 1.5.9)
    mail (2.7.1)
      mini_mime (>= 0.1.1)
    marcel (0.3.3)
      mimemagic (~> 0.3.2)
    method_source (1.0.0)
    mimemagic (0.3.5)
    mini_mime (1.0.2)
    minitest (5.14.3)
    msgpack (1.4.2)
    nio4r (2.5.4)
    nokogiri (1.11.1-x86_64-linux)
      racc (~> 1.4)
    pg (1.2.3)
    pry (0.13.1)
      coderay (~> 1.1)
      method_source (~> 1.0)
    pry-rails (0.3.9)
      pry (>= 0.10.4)
    public_suffix (4.0.6)
    puma (4.3.7)
      nio4r (~> 2.0)
    racc (1.5.2)
    rack (2.2.3)
    rack-mini-profiler (2.3.1)
      rack (>= 1.2.0)
    rack-proxy (0.6.5)
      rack
    rack-test (1.1.0)
      rack (>= 1.0, < 3)
    rails-dom-testing (2.0.3)
      activesupport (>= 4.2.0)
      nokogiri (>= 1.6)
    rails-html-sanitizer (1.3.0)
      loofah (~> 2.3)
    rake (13.0.3)
    rb-fsevent (0.10.4)
    rb-inotify (0.10.1)
      ffi (~> 1.0)
    redis (4.2.5)
    redis-actionpack (5.2.0)
      actionpack (>= 5, < 7)
      redis-rack (>= 2.1.0, < 3)
      redis-store (>= 1.1.0, < 2)
    redis-activesupport (5.2.0)
      activesupport (>= 3, < 7)
      redis-store (>= 1.3, < 2)
    redis-rack (2.1.3)
      rack (>= 2.0.8, < 3)
      redis-store (>= 1.2, < 2)
    redis-rails (5.0.2)
      redis-actionpack (>= 5.0, < 6)
      redis-activesupport (>= 5.0, < 6)
      redis-store (>= 1.2, < 2)
    redis-store (1.9.0)
      redis (>= 4, < 5)
    regexp_parser (2.0.3)
    rubyzip (2.3.0)
    selenium-webdriver (3.142.7)
      childprocess (>= 0.5, < 4.0)
      rubyzip (>= 1.2.2)
    semantic_range (2.3.1)
    sidekiq (6.1.3)
      connection_pool (>= 2.2.2)
      rack (~> 2.0)
      redis (>= 4.2.0)
    slim (4.1.0)
      temple (>= 0.7.6, < 0.9)
      tilt (>= 2.0.6, < 2.1)
    slim-rails (3.2.0)
      actionpack (>= 3.1)
      railties (>= 3.1)
      slim (>= 3.0, < 5.0)
    spring (2.1.1)
    sprockets (4.0.2)
      concurrent-ruby (~> 1.0)
      rack (> 1, < 3)
    sprockets-rails (3.2.2)
      actionpack (>= 4.0)
      activesupport (>= 4.0)
      sprockets (>= 3.0.0)
    temple (0.8.2)
    thor (1.1.0)
    tilt (2.0.10)
    tzinfo (2.0.4)
      concurrent-ruby (~> 1.0)
    webdrivers (4.5.0)
      nokogiri (~> 1.6)
      rubyzip (>= 1.3.0)
      selenium-webdriver (>= 3.0, < 4.0)
    websocket-driver (0.7.3)
      websocket-extensions (>= 0.1.0)
    websocket-extensions (0.1.5)
    xpath (3.2.0)
      nokogiri (~> 1.8)
    zeitwerk (2.4.2)

PLATFORMS
  x86_64-linux

DEPENDENCIES
  annotate
  awesome_print (= 2.0.0.pre2)
  bootsnap (>= 1.4.4)
  byebug
  capybara (>= 3.26)
  faker
  jbuilder (~> 2.7)
  listen (~> 3.2)
  nokogiri
  pg (~> 1.1)
  pry-rails
  puma (~> 4.1)
  rack-mini-profiler (~> 2.0)
  rails!
  redis (~> 4.0)
  redis-rails
  selenium-webdriver
  sidekiq
  slim-rails
  spring
  web-console!
  webdrivers
  webpacker!

RUBY VERSION
   ruby 3.0.0p0

BUNDLED WITH
   2.2.3
